GEM
  remote: https://rubygems.org/
  specs:
    active_hash (1.4.1)
      activesupport (>= 2.2.2)
    activesupport (5.0.0)
      concurrent-ruby (~> 1.0, >= 1.0.2)
      i18n (~> 0.7)
      minitest (~> 5.1)
      tzinfo (~> 1.1)
    concurrent-ruby (1.0.2)
    dotenv (2.1.1)
    faraday (0.9.2)
      multipart-post (>= 1.2, < 3)
    faraday_middleware (0.10.0)
      faraday (>= 0.7.4, < 0.10)
    gimei (0.2.0)
    i18n (0.7.0)
    minitest (5.9.0)
    multipart-post (2.0.0)
    rake (11.2.2)
    random_bell (0.1.1)
    roka (0.1.5)
    romaji (0.2.3)
      rake (>= 0.8.0)
    thread_safe (0.3.5)
    tzinfo (1.2.2)
      thread_safe (~> 0.1)

PLATFORMS
  ruby

DEPENDENCIES
  active_hash
  dotenv
  faraday
  faraday_middleware
  gimei
  random_bell
  roka
  romaji

BUNDLED WITH
   1.11.2
